PATH
  remote: .
  specs:
    ip_api (0.1.1)
      httparty

GEM
  remote: https://rubygems.org/
  specs:
    addressable (2.7.0)
      public_suffix (>= 2.0.2, < 5.0)
    ast (2.4.1)
    coderay (1.1.3)
    crack (0.4.4)
    diff-lcs (1.4.4)
    docile (1.3.2)
    ffi (1.13.1-java)
    hashdiff (1.0.1)
    httparty (0.18.1)
      mime-types (~> 3.0)
      multi_xml (>= 0.5.2)
    jar-dependencies (0.4.1)
    kwalify (0.7.2)
    method_source (1.0.0)
    mime-types (3.3.1)
      mime-types-data (~> 3.2015)
    mime-types-data (3.2020.0512)
    multi_xml (0.6.0)
    parallel (1.19.2)
    parser (2.7.2.0)
      ast (~> 2.4.1)
    pry (0.13.1)
      coderay (~> 1.1)
      method_source (~> 1.0)
    pry (0.13.1-java)
      coderay (~> 1.1)
      method_source (~> 1.0)
      spoon (~> 0.0)
    pry-doc (1.1.0)
      pry (~> 0.11)
      yard (~> 0.9.11)
    psych (3.2.0)
    psych (3.2.0-java)
      jar-dependencies (>= 0.1.7)
    public_suffix (4.0.6)
    rainbow (3.0.0)
    rake (12.3.3)
    reek (6.0.2)
      kwalify (~> 0.7.0)
      parser (>= 2.5.0.0, < 2.8, != 2.5.1.1)
      psych (~> 3.1)
      rainbow (>= 2.0, < 4.0)
    regexp_parser (1.8.2)
    rexml (3.2.4)
    rspec (3.9.0)
      rspec-core (~> 3.9.0)
      rspec-expectations (~> 3.9.0)
      rspec-mocks (~> 3.9.0)
    rspec-core (3.9.3)
      rspec-support (~> 3.9.3)
    rspec-expectations (3.9.2)
      diff-lcs (>= 1.2.0, < 2.0)
      rspec-support (~> 3.9.0)
    rspec-mocks (3.9.1)
      diff-lcs (>= 1.2.0, < 2.0)
      rspec-support (~> 3.9.0)
    rspec-support (3.9.3)
    rubocop (0.93.1)
      parallel (~> 1.10)
      parser (>= 2.7.1.5)
      rainbow (>= 2.2.2, < 4.0)
      regexp_parser (>= 1.8)
      rexml
      rubocop-ast (>= 0.6.0)
      ruby-progressbar (~> 1.7)
      unicode-display_width (>= 1.4.0, < 2.0)
    rubocop-ast (0.8.0)
      parser (>= 2.7.1.5)
    ruby-progressbar (1.10.1)
    simplecov (0.19.0)
      docile (~> 1.1)
      simplecov-html (~> 0.11)
    simplecov-html (0.12.3)
    spoon (0.0.6)
      ffi
    unicode-display_width (1.7.0)
    webmock (3.9.3)
      addressable (>= 2.3.6)
      crack (>= 0.3.2)
      hashdiff (>= 0.4.0, < 2.0.0)
    yard (0.9.25)

PLATFORMS
  java
  ruby

DEPENDENCIES
  ip_api!
  pry
  pry-doc
  rake (~> 12.0)
  reek
  rspec (~> 3.0)
  rubocop
  simplecov
  webmock (~> 3.0)

BUNDLED WITH
   2.1.4
